PATH
  remote: .
  specs:
    dircat (0.1.11)
      optparse-command (= 0.1.6)
      treevisitor (= 0.2.2)

GEM
  remote: http://rubygems.org/
  specs:
    diff-lcs (1.1.2)
    json (1.5.1-x86-mingw32)
    optparse-command (0.1.6)
    rake (0.8.7)
    rspec (2.5.0)
      rspec-core (~> 2.5.0)
      rspec-expectations (~> 2.5.0)
      rspec-mocks (~> 2.5.0)
    rspec-core (2.5.1)
    rspec-expectations (2.5.0)
      diff-lcs (~> 1.1.2)
    rspec-mocks (2.5.0)
    treevisitor (0.2.2)
      json
    yard (0.6.4)

PLATFORMS
  java
  ruby
  x86-mingw32

DEPENDENCIES
  bundler
  dircat!
  rake
  rspec
  yard
