PATH
  remote: .
  specs:
    dircat (0.2.2)
      activerecord
      ansi
      haml
      json
      optparse-command
      sass
      sinatra
      sinatra-group-items
      sqlite3
      tree.rb

GEM
  remote: http://rubygems.org/
  specs:
    activemodel (3.2.8)
      activesupport (= 3.2.8)
      builder (~> 3.0.0)
    activerecord (3.2.8)
      activemodel (= 3.2.8)
      activesupport (= 3.2.8)
      arel (~> 3.0.2)
      tzinfo (~> 0.3.29)
    activesupport (3.2.8)
      i18n (~> 0.6)
      multi_json (~> 1.0)
    ansi (1.4.3)
    arel (3.0.2)
    builder (3.0.3)
    diff-lcs (1.1.3)
    haml (3.1.7)
    i18n (0.6.1)
    json (1.7.5)
    multi_json (1.3.6)
    nokogiri (1.5.5)
    optparse-command (0.1.7)
    rack (1.4.1)
    rack-protection (1.2.0)
      rack
    rack-test (0.6.1)
      rack (>= 1.0)
    rake (0.9.2.2)
    rmagick (2.13.1)
    rspec (2.11.0)
      rspec-core (~> 2.11.0)
      rspec-expectations (~> 2.11.0)
      rspec-mocks (~> 2.11.0)
    rspec-core (2.11.1)
    rspec-expectations (2.11.3)
      diff-lcs (~> 1.1.3)
    rspec-mocks (2.11.3)
    sass (3.2.1)
    sinatra (1.3.3)
      rack (~> 1.3, >= 1.3.6)
      rack-protection (~> 1.2)
      tilt (~> 1.3, >= 1.3.3)
    sinatra-group-items (0.0.1)
      haml
      sinatra
    sqlite3 (1.3.6)
    tilt (1.3.3)
    tree.rb (0.3.11)
      ansi
      json
      sqlite3
    tzinfo (0.3.33)
    webrat (0.7.3)
      nokogiri (>= 1.2.0)
      rack (>= 1.0)
      rack-test (>= 0.5.3)
    yard (0.8.2.1)

PLATFORMS
  ruby

DEPENDENCIES
  bundler
  dircat!
  rake
  rmagick
  rspec
  sinatra
  webrat
  yard
