GEM
  remote: http://rubygems.org/
  specs:
    diff-lcs (1.1.2)
    git (1.2.5)
    jeweler (1.5.2)
      bundler (~> 1.0.0)
      git (>= 1.2.5)
      rake
    json (1.5.1)
    json (1.5.1-java)
    optparse-command (0.1.1)
    rake (0.8.7)
    rspec (2.4.0)
      rspec-core (~> 2.4.0)
      rspec-expectations (~> 2.4.0)
      rspec-mocks (~> 2.4.0)
    rspec-core (2.4.0)
    rspec-expectations (2.4.0)
      diff-lcs (~> 1.1.2)
    rspec-mocks (2.4.0)
    treevisitor (0.2.0)
      json
    yard (0.6.4)

PLATFORMS
  java
  ruby

DEPENDENCIES
  bundler
  jeweler
  optparse-command (= 0.1.1)
  rake
  rspec
  treevisitor (= 0.2.0)
  yard
