PATH
  remote: .
  specs:
    dircat (0.1.12)
      ansi
      optparse-command (= 0.1.6)
      treevisitor

GEM
  remote: http://rubygems.org/
  specs:
    ansi (1.4.3)
    diff-lcs (1.1.3)
    json (1.7.4)
    json (1.7.4-java)
    optparse-command (0.1.6)
    rake (0.9.2.2)
    rspec (2.11.0)
      rspec-core (~> 2.11.0)
      rspec-expectations (~> 2.11.0)
      rspec-mocks (~> 2.11.0)
    rspec-core (2.11.1)
    rspec-expectations (2.11.2)
      diff-lcs (~> 1.1.3)
    rspec-mocks (2.11.1)
    treevisitor (0.2.3)
      json
    yard (0.8.2.1)

PLATFORMS
  java
  ruby
  x86-mingw32

DEPENDENCIES
  bundler
  dircat!
  rake
  rspec
  yard
